GEM
  remote: https://rubygems.org/
  specs:
    archive-tar-minitar (0.5.2)
    burn (0.2.2)
      archive-tar-minitar
      eventmachine
      thor
    eventmachine (1.0.3)
    thor (0.19.1)

PLATFORMS
  ruby

DEPENDENCIES
  burn
